PATH
  remote: .
  specs:
    momblish (0.1.0)

GEM
  remote: https://rubygems.org/
  specs:
    debug (1.9.0)
      irb (~> 1.10)
      reline (>= 0.3.8)
    io-console (0.7.0)
    irb (1.10.1)
      rdoc
      reline (>= 0.3.8)
    minitest (5.20.0)
    minitest-focus (1.4.0)
      minitest (>= 4, < 6)
    psych (5.1.1.1)
      stringio
    rake (13.1.0)
    rdoc (6.6.1)
      psych (>= 4.0.0)
    reline (0.4.1)
      io-console (~> 0.5)
    stringio (3.1.0)

PLATFORMS
  arm64-darwin-22

DEPENDENCIES
  bundler (~> 2.4)
  debug (~> 1.9)
  minitest (~> 5.20)
  minitest-focus (~> 1.4)
  momblish!
  rake (~> 13.1)

BUNDLED WITH
   2.4.10
